PATH
  remote: .
  specs:
    tidal (0.1.0)
      nokogiri (~> 1.10.8)

GEM
  remote: https://rubygems.org/
  specs:
    mini_portile2 (2.4.0)
    minitest (5.14.0)
    nokogiri (1.10.9)
      mini_portile2 (~> 2.4.0)
    rake (12.3.3)

PLATFORMS
  ruby

DEPENDENCIES
  bundler (~> 2.0)
  minitest (~> 5.0)
  rake (~> 12.3.3)
  tidal!

BUNDLED WITH
   2.1.4
