PATH
  remote: .
  specs:
    tidal (0.1.0)
      nokogiri (~> 1.10.7)

GEM
  remote: https://rubygems.org/
  specs:
    mini_portile2 (2.4.0)
    minitest (5.14.0)
    nokogiri (1.10.8)
      mini_portile2 (~> 2.4.0)
    rake (10.5.0)

PLATFORMS
  ruby

DEPENDENCIES
  bundler (~> 2.0)
  minitest (~> 5.0)
  rake (~> 10.0)
  tidal!

BUNDLED WITH
   2.0.2
