PATH
  remote: .
  specs:
    tidal (0.1.0)
      nokogiri (>= 1.10.8, < 1.14.0)

GEM
  remote: https://rubygems.org/
  specs:
    addressable (2.7.0)
      public_suffix (>= 2.0.2, < 5.0)
    crack (0.4.5)
      rexml
    hashdiff (1.0.1)
    mini_portile2 (2.8.0)
    minitest (5.14.0)
    nokogiri (1.13.6)
      mini_portile2 (~> 2.8.0)
      racc (~> 1.4)
    public_suffix (4.0.6)
    racc (1.6.0)
    rake (12.3.3)
    rexml (3.2.4)
    vcr (6.0.0)
    webmock (3.11.1)
      addressable (>= 2.3.6)
      crack (>= 0.3.2)
      hashdiff (>= 0.4.0, < 2.0.0)

PLATFORMS
  ruby

DEPENDENCIES
  bundler (~> 2.0)
  minitest (~> 5.0)
  rake (~> 12.3.3)
  tidal!
  vcr (~> 6.0)
  webmock (~> 3.11)

BUNDLED WITH
   2.1.4
